PATH
  remote: .
  specs:
    paypal_adaptive_gateway (0.0.1)
      activemerchant (~> 1.20.0)
      money (~> 3.7.0)
      multi_json (~> 1.0.0)
      rash (~> 0.3.0)

GEM
  remote: http://rubygems.org/
  specs:
    active_utils (1.0.3)
      activesupport (>= 2.3.11)
      i18n
    activemerchant (1.20.4)
      active_utils (>= 1.0.2)
      activesupport (>= 2.3.11)
      braintree (>= 2.0.0)
      builder (>= 2.0.0)
      i18n
      json (>= 1.5.1)
      money (<= 3.7.1)
    activesupport (3.2.7)
      i18n (~> 0.6)
      multi_json (~> 1.0)
    braintree (2.16.0)
      builder (>= 2.0.0)
    builder (3.0.0)
    hashie (1.2.0)
    i18n (0.6.0)
    json (1.7.4)
    money (3.7.1)
      i18n (~> 0.4)
    multi_json (1.0.4)
    rash (0.3.2)
      hashie (~> 1.2.0)

PLATFORMS
  ruby

DEPENDENCIES
  paypal_adaptive_gateway!
